GEM
  specs:
    liquid (2.6.1)
    rack (1.5.2)
    rack-protection (1.5.2)
      rack
    rack-reverse-proxy (0.4.4)
      rack (>= 1.0.0)
    shotgun (0.9)
      rack (>= 1.0)
    sinatra (1.3.6)
      rack (~> 1.4)
      rack-protection (~> 1.3)
      tilt (~> 1.3, >= 1.3.3)
    tilt (1.4.1)

PLATFORMS
  ruby

DEPENDENCIES
  liquid
  rack
  rack-reverse-proxy
  shotgun
  sinatra
